GEM
  remote: https://rubygems.org/
  specs:
    backports (3.11.3)
    celluloid (0.17.3)
      celluloid-essentials
      celluloid-extras
      celluloid-fsm
      celluloid-pool
      celluloid-supervision
      timers (>= 4.1.1)
    celluloid-essentials (0.20.5)
      timers (>= 4.1.1)
    celluloid-extras (0.20.5)
      timers (>= 4.1.1)
    celluloid-fsm (0.20.5)
      timers (>= 4.1.1)
    celluloid-pool (0.20.5)
      timers (>= 4.1.1)
    celluloid-supervision (0.20.6)
      timers (>= 4.1.1)
    hitimes (1.2.6)
    httparty (0.16.1)
      multi_xml (>= 0.5.2)
    imgur-api (0.0.4)
      httparty
    json (2.1.0)
    multi_json (1.13.1)
    multi_xml (0.6.0)
    mustermann (1.0.2)
    rack (2.0.5)
    rack-protection (2.0.1)
      rack
    sinatra (2.0.1)
      mustermann (~> 1.0)
      rack (~> 2.0)
      rack-protection (= 2.0.1)
      tilt (~> 2.0)
    sinatra-contrib (2.0.1)
      backports (>= 2.0)
      multi_json
      mustermann (~> 1.0)
      rack-protection (= 2.0.1)
      sinatra (= 2.0.1)
      tilt (>= 1.3, < 3)
    tilt (2.0.8)
    timers (4.1.2)
      hitimes

PLATFORMS
  ruby

DEPENDENCIES
  celluloid
  imgur-api
  json
  sinatra
  sinatra-contrib

BUNDLED WITH
   1.16.1
